GIT
  remote: git://github.com/opscode/kitchen-ec2.git
  revision: a896b02631a99d79eee753400e83295db41fedae
  specs:
    kitchen-ec2 (0.4.1.dev)
      fog
      test-kitchen (~> 1.0.0.alpha.0)

GIT
  remote: git://github.com/opscode/kitchen-vagrant.git
  revision: 8c9570b6e7ed2a38349ac51617f64bce52a52ed7
  specs:
    kitchen-vagrant (0.6.1.dev)
      test-kitchen (~> 1.0.0.alpha.0)
      vagrant (~> 1.0)

GIT
  remote: git://github.com/opscode/test-kitchen.git
  revision: ab1b878561e896c0619a780d168e71addff2ad91
  branch: 1.0
  specs:
    test-kitchen (1.0.0.dev)
      celluloid
      mixlib-shellout
      net-scp
      net-ssh
      pry
      safe_yaml
      thor

GEM
  remote: https://rubygems.org/
  specs:
    activesupport (3.2.12)
      i18n (~> 0.6)
      multi_json (~> 1.0)
    addressable (2.3.3)
    archive-tar-minitar (0.5.2)
    berkshelf (1.2.1)
      activesupport
      chozo (>= 0.6.1)
      faraday (>= 0.8.5)
      hashie (>= 2.0.2)
      json (>= 1.5.0)
      minitar
      mixlib-config
      mixlib-shellout
      moneta (~> 0.6.0)
      multi_json (~> 1.5)
      net-ssh-gateway (= 1.1.0)
      retryable
      ridley (>= 0.8.3)
      solve (>= 0.4.2)
      thor (~> 0.16.0)
      yajl-ruby
    builder (3.2.0)
    celluloid (0.12.4)
      facter (>= 1.6.12)
      timers (>= 1.0.0)
    childprocess (0.3.8)
      ffi (~> 1.0, >= 1.0.11)
    chozo (0.6.1)
      activesupport (>= 3.2.0)
      hashie (>= 2.0.2)
      multi_json (>= 1.3.0)
    coderay (1.0.9)
    erubis (2.7.0)
    excon (0.20.0)
    facter (1.6.18)
    faraday (0.8.6)
      multipart-post (~> 1.1)
    ffi (1.4.0)
    fog (1.9.0)
      builder
      excon (~> 0.14)
      formatador (~> 0.2.0)
      mime-types
      multi_json (~> 1.0)
      net-scp (~> 1.0.4)
      net-ssh (>= 2.1.3)
      nokogiri (~> 1.5.0)
      ruby-hmac
    foodcritic (1.7.0)
      erubis
      gherkin (~> 2.11.1)
      gist (~> 3.1.0)
      nokogiri (~> 1.5.4)
      pry (~> 0.9.8.4)
      rak (~> 1.4)
      treetop (~> 1.4.10)
      yajl-ruby (~> 1.1.0)
    formatador (0.2.4)
    gherkin (2.11.5)
      json (>= 1.4.6)
    gist (3.1.1)
    hashie (2.0.2)
    i18n (0.6.1)
    json (1.5.5)
    log4r (1.1.10)
    method_source (0.7.1)
    mime-types (1.21)
    minitar (0.5.4)
    mixlib-authentication (1.3.0)
      mixlib-log
    mixlib-config (1.1.2)
    mixlib-log (1.4.1)
    mixlib-shellout (1.1.0)
    moneta (0.6.0)
    multi_json (1.6.1)
    multipart-post (1.2.0)
    net-http-persistent (2.8)
    net-scp (1.0.4)
      net-ssh (>= 1.99.1)
    net-ssh (2.2.2)
    net-ssh-gateway (1.1.0)
      net-ssh (>= 1.99.1)
    nokogiri (1.5.6)
    polyglot (0.3.3)
    pry (0.9.8.4)
      coderay (~> 1.0.5)
      method_source (~> 0.7.1)
      slop (>= 2.4.4, < 3)
    rak (1.4)
    retryable (1.3.2)
    ridley (0.8.4)
      activesupport (>= 3.2.0)
      addressable
      celluloid
      chozo (>= 0.6.0)
      erubis
      faraday (>= 0.8.4)
      json (>= 1.5.0)
      mixlib-authentication (>= 1.3.0)
      mixlib-config (>= 1.1.0)
      mixlib-log (>= 1.3.0)
      mixlib-shellout (>= 1.1.0)
      multi_json (>= 1.0.4)
      net-http-persistent (>= 2.8)
      net-ssh
      retryable
      solve (>= 0.4.1)
    ruby-hmac (0.4.0)
    safe_yaml (0.8.5)
    slop (2.4.4)
    solve (0.4.2)
      json
    thor (0.16.0)
    thor-foodcritic (0.2.0)
      foodcritic
      thor
    timers (1.1.0)
    treetop (1.4.12)
      polyglot
      polyglot (>= 0.3.1)
    vagrant (1.0.6)
      archive-tar-minitar (= 0.5.2)
      childprocess (~> 0.3.1)
      erubis (~> 2.7.0)
      i18n (~> 0.6.0)
      json (~> 1.5.1)
      log4r (~> 1.1.9)
      net-scp (~> 1.0.4)
      net-ssh (~> 2.2.2)
    yajl-ruby (1.1.0)

PLATFORMS
  ruby

DEPENDENCIES
  berkshelf
  foodcritic
  kitchen-ec2!
  kitchen-vagrant!
  test-kitchen!
  thor-foodcritic
  vagrant (~> 1.0.6)
